GEM
  remote: http://gems.rubyforge.org/
  remote: http://gemcutter.org/
  specs:
    albino (1.3.3)
      posix-spawn (>= 0.3.6)
    blockenspiel (0.4.5)
    classifier (1.3.3)
      fast-stemmer (>= 1.0.0)
    directory_watcher (1.4.1)
    facter (1.6.17)
    fast-stemmer (1.0.1)
    jekyll (0.11.2)
      albino (~> 1.3)
      classifier (~> 1.3)
      directory_watcher (~> 1.1)
      kramdown (~> 0.13)
      liquid (~> 2.3)
      maruku (~> 0.5)
    json (1.7.6)
    kramdown (0.14.1)
    liquid (2.4.1)
    maruku (0.6.1)
      syntax (>= 1.0.0)
    open4 (1.3.0)
    posix-spawn (0.3.6)
    rack (1.4.4)
    rake (10.0.3)
    rake-remote_task (2.1.0)
      open4 (~> 1.0)
      rake (>= 0.8, < 11.0)
    rdoc (3.12)
      json (~> 1.4)
    syntax (1.0.0)
    versionomy (0.4.4)
      blockenspiel (>= 0.4.5)
    vlad (2.3.1)
      rake (>= 0.8, < 11.0)
      rake-remote_task (~> 2.1)
    yard (0.8.3)

PLATFORMS
  ruby

DEPENDENCIES
  facter
  jekyll
  kramdown
  maruku
  rack
  rake
  rdoc
  versionomy
  vlad
  yard
